GEM
  specs:
    childprocess (0.5.9)
      ffi (~> 1.0, >= 1.0.11)
    ffi (1.9.14)
    power_assert (0.3.1)
    rubyzip (1.2.0)
    selenium-webdriver (3.4.3)
      childprocess (~> 0.5)
      rubyzip (~> 1.0)
    test-unit (3.2.1)
      power_assert

PLATFORMS
  ruby

DEPENDENCIES
  selenium-webdriver (= 3.4.3)
  test-unit (= 3.2.1)

BUNDLED WITH
   1.13.6
